GIT
  remote: git://github.com/dantswain/rhubarb.git
  revision: d38ad2c71dfd2b900951592597585c43ad79feb9
  specs:
    rhubarb (0.1.1)

PATH
  remote: .
  specs:
    beluga_ipc (0.1.0)

GEM
  specs:
    diff-lcs (1.1.3)
    rspec (2.8.0)
      rspec-core (~> 2.8.0)
      rspec-expectations (~> 2.8.0)
      rspec-mocks (~> 2.8.0)
    rspec-core (2.8.0)
    rspec-expectations (2.8.0)
      diff-lcs (~> 1.1.2)
    rspec-mocks (2.8.0)

PLATFORMS
  ruby
  x86-mingw32

DEPENDENCIES
  beluga_ipc!
  rhubarb (= 0.1.1)!
  rspec
