GIT
  remote: git://github.com/dantswain/rhubarb.git
  revision: 64f2513f4e0e634f07fed81d95c83e247f3999ff
  specs:
    rhubarb (0.1.0)

PATH
  remote: .
  specs:
    beluga_ipc (0.1.0)
      daemons

GEM
  specs:
    daemons (1.1.8)
    diff-lcs (1.1.3)
    rspec (2.8.0)
      rspec-core (~> 2.8.0)
      rspec-expectations (~> 2.8.0)
      rspec-mocks (~> 2.8.0)
    rspec-core (2.8.0)
    rspec-expectations (2.8.0)
      diff-lcs (~> 1.1.2)
    rspec-mocks (2.8.0)

PLATFORMS
  ruby

DEPENDENCIES
  beluga_ipc!
  daemons
  rhubarb!
  rspec
