GIT
  remote: git://github.com/dantswain/rhubarb.git
  revision: a5c29be1a37bcc3e420c5fe68428662761807c7a
  specs:
    rhubarb (0.1.0)

PATH
  remote: .
  specs:
    beluga_ipc (0.1.0)

GEM
  specs:
    diff-lcs (1.1.3)
    rspec (2.8.0)
      rspec-core (~> 2.8.0)
      rspec-expectations (~> 2.8.0)
      rspec-mocks (~> 2.8.0)
    rspec-core (2.8.0)
    rspec-expectations (2.8.0)
      diff-lcs (~> 1.1.2)
    rspec-mocks (2.8.0)

PLATFORMS
  ruby
  x86-mingw32

DEPENDENCIES
  beluga_ipc!
  rhubarb!
  rspec
